GEM
  remote: http://rubygems.org/
  specs:
    rspec (1.1.3)

PLATFORMS
  ruby

DEPENDENCIES
  rspec (= 1.1.3)
